PATH
  remote: /home/guten/dev/one/optimism
  specs:
    optimism (3.1.2)
      hike (~> 1.2.0)

PATH
  remote: /home/guten/dev/one/rag
  specs:
    rag (1.2.1)
      optimism (~> 3.1.0)
      pa (~> 1.2.0)
      tagen (~> 1.1.0)
      thor

PATH
  remote: /home/guten/dev/one/tagen
  specs:
    tagen (1.1.5)
      activesupport (~> 3.1.0)
      i18n

GEM
  remote: http://rubygems.org/
  specs:
    activesupport (3.1.3)
      multi_json (~> 1.0)
    diff-lcs (1.1.3)
    hike (1.2.1)
    i18n (0.6.0)
    multi_json (1.0.4)
    pa (1.2.1)
    pd (1.0.3)
    rspec (2.8.0)
      rspec-core (~> 2.8.0)
      rspec-expectations (~> 2.8.0)
      rspec-mocks (~> 2.8.0)
    rspec-core (2.8.0)
    rspec-expectations (2.8.0)
      diff-lcs (~> 1.1.2)
    rspec-mocks (2.8.0)
    thor (0.14.6)
    watchr (0.7)

PLATFORMS
  ruby

DEPENDENCIES
  optimism!
  pa (~> 1.2.0)
  pd
  rag!
  rspec
  tagen!
  thor
  watchr
